GEM
  remote: https://rubygems.org/
  specs:
    diff-lcs (1.3)
    equatable (0.5.0)
    highline (2.0.0)
    pastel (0.7.2)
      equatable (~> 0.5.0)
      tty-color (~> 0.4.0)
    rspec (3.8.0)
      rspec-core (~> 3.8.0)
      rspec-expectations (~> 3.8.0)
      rspec-mocks (~> 3.8.0)
    rspec-core (3.8.0)
      rspec-support (~> 3.8.0)
    rspec-expectations (3.8.1)
      diff-lcs (>= 1.2.0, < 2.0)
      rspec-support (~> 3.8.0)
    rspec-mocks (3.8.0)
      diff-lcs (>= 1.2.0, < 2.0)
      rspec-support (~> 3.8.0)
    rspec-support (3.8.0)
    strings (0.1.2)
      unicode-display_width (~> 1.4.0)
      unicode_utils (~> 1.4.0)
    tty-box (0.2.0)
      pastel (~> 0.7.2)
      strings (~> 0.1.1)
      tty-cursor (~> 0.6.0)
    tty-color (0.4.3)
    tty-cursor (0.6.0)
    unicode-display_width (1.4.0)
    unicode_utils (1.4.0)

PLATFORMS
  ruby

DEPENDENCIES
  highline
  rspec
  tty-box

BUNDLED WITH
   1.16.3
